GEM
  remote: http://rubygems.org/
  specs:
    activesupport (3.0.5)
    awesome_print (0.3.2)
    configuration (1.2.0)
    eventmachine (0.12.10)
    i18n (0.5.0)
    json (1.5.1)
    launchy (0.4.0)
      configuration (>= 0.0.5)
      rake (>= 0.8.1)
    mechanize (1.0.0)
      nokogiri (>= 1.2.1)
    mime-types (1.16)
    nokogiri (1.4.4)
    notify (0.3.0)
    oauth (0.4.4)
    rake (0.8.7)
    roauth (0.0.3)
    twitter-stream (0.1.12)
      eventmachine (>= 0.12.8)
      roauth (>= 0.0.2)
    twitter_oauth (0.4.3)
      json (>= 1.1.9)
      mime-types (>= 1.16)
      oauth (>= 0.4.1)

PLATFORMS
  ruby

DEPENDENCIES
  activesupport
  awesome_print
  eventmachine
  i18n
  launchy
  mechanize
  notify
  oauth
  twitter-stream
  twitter_oauth
